GEM
  remote: https://rubygems.org/
  specs:
    byebug (11.1.3)
    minitest (5.17.0)

PLATFORMS
  x86_64-linux

DEPENDENCIES
  byebug
  minitest

BUNDLED WITH
   2.4.6
